GEM
  remote: https://rubygems.org/
  specs:
    addressable (2.7.0)
      public_suffix (>= 2.0.2, < 5.0)
    coderay (1.1.3)
    json (2.3.1)
    launchy (2.5.0)
      addressable (~> 2.7)
    method_source (1.0.0)
    open-uri (0.1.0)
    pry (0.13.1)
      coderay (~> 1.1)
      method_source (~> 1.0)
    public_suffix (4.0.6)

PLATFORMS
  ruby

DEPENDENCIES
  json
  launchy
  open-uri
  pry

BUNDLED WITH
   2.1.4
